PATH
  remote: .
  specs:
    filmaffinity (1.1.2)
      imgur-api (~> 0)
      json (>= 1.8, < 3.0)
      nokogiri (>= 1.8.1)

GEM
  remote: https://rubygems.org/
  specs:
    addressable (2.8.0)
      public_suffix (>= 2.0.2, < 5.0)
    ast (2.4.1)
    crack (0.4.4)
    diff-lcs (1.2.5)
    hashdiff (1.0.1)
    httparty (0.21.0)
      mini_mime (>= 1.0.0)
      multi_xml (>= 0.5.2)
    imgur-api (0.0.4)
      httparty
    json (2.3.1)
    mini_mime (1.1.2)
    mini_portile2 (2.6.1)
    multi_xml (0.6.0)
    nokogiri (1.12.5)
      mini_portile2 (~> 2.6.1)
      racc (~> 1.4)
    parallel (1.19.2)
    parser (2.7.2.0)
      ast (~> 2.4.1)
    public_suffix (4.0.6)
    racc (1.6.0)
    rainbow (3.0.0)
    rake (12.3.3)
    regexp_parser (1.8.1)
    rexml (3.2.5)
    rspec (3.4.0)
      rspec-core (~> 3.4.0)
      rspec-expectations (~> 3.4.0)
      rspec-mocks (~> 3.4.0)
    rspec-core (3.4.4)
      rspec-support (~> 3.4.0)
    rspec-expectations (3.4.0)
      diff-lcs (>= 1.2.0, < 2.0)
      rspec-support (~> 3.4.0)
    rspec-mocks (3.4.1)
      diff-lcs (>= 1.2.0, < 2.0)
      rspec-support (~> 3.4.0)
    rspec-support (3.4.1)
    rubocop (0.92.0)
      parallel (~> 1.10)
      parser (>= 2.7.1.5)
      rainbow (>= 2.2.2, < 4.0)
      regexp_parser (>= 1.7)
      rexml
      rubocop-ast (>= 0.5.0)
      ruby-progressbar (~> 1.7)
      unicode-display_width (>= 1.4.0, < 2.0)
    rubocop-ast (0.7.1)
      parser (>= 2.7.1.5)
    ruby-progressbar (1.10.1)
    unicode-display_width (1.7.0)
    vcr (6.0.0)
    webmock (3.9.2)
      addressable (>= 2.3.6)
      crack (>= 0.3.2)
      hashdiff (>= 0.4.0, < 2.0.0)

PLATFORMS
  ruby

DEPENDENCIES
  filmaffinity!
  rake (~> 12.3)
  rspec (~> 3.3)
  rubocop
  vcr
  webmock

BUNDLED WITH
   2.1.4
